GEM
  remote: http://rubygems.org/
  specs:
    crack (0.1.6)
    hashie (0.2.2)
    hpricot (0.8.2)
    httparty (0.5.2)
      crack (= 0.1.6)
    oauth (0.4.3)
    twitter (0.9.8)
      hashie (~> 0.2.0)
      httparty (~> 0.5.0)
      oauth (~> 0.4.1)
      yajl-ruby (~> 0.7.0)
    yajl-ruby (0.7.7)

PLATFORMS
  ruby

DEPENDENCIES
  hpricot
  httparty
  twitter
